GIT
  remote: git://github.com/jeroenj/geo_ip.git
  revision: fdbd16d9cece5a8927d30fde941de4b7df04178c
  specs:
    geo_ip (0.2.0)

GIT
  remote: git://github.com/mrs/rails_warden.git
  revision: d224a5f39ad1ffe9a29e4bfae62c269bada2e728
  specs:
    rails_warden (0.5.2)
      warden

GIT
  remote: git://github.com/mrs/warden_oauth.git
  revision: b5326284833ff0d7b6e07d48714a6e148659afbe
  branch: oauth2
  specs:
    warden_oauth (0.2.0)
      oauth2
      warden (>= 0.8.1)

GIT
  remote: git://github.com/redstorm/oauth2.git
  revision: bdd30ea98405405924a674a66a58426747105700
  specs:
    oauth2 (0.0.10)
      faraday (~> 0.4.1)
      multi_json (>= 0.0.4)

GEM
  remote: http://rubygems.org/
  specs:
    actionmailer (2.3.5)
      actionpack (= 2.3.5)
    actionpack (2.3.5)
      activesupport (= 2.3.5)
      rack (~> 1.0.0)
    activerecord (2.3.5)
      activesupport (= 2.3.5)
    activeresource (2.3.5)
      activesupport (= 2.3.5)
    activesupport (2.3.5)
    addressable (2.2.2)
    builder (2.1.2)
    bullet (1.7.6)
    capistrano (2.5.19)
      highline
      net-scp (>= 1.0.0)
      net-sftp (>= 2.0.0)
      net-ssh (>= 2.0.14)
      net-ssh-gateway (>= 1.0.0)
    capistrano-ext (1.2.1)
      capistrano (>= 1.0.0)
    faraday (0.4.6)
      addressable (>= 2.1.1)
      rack (>= 1.0.1)
    highline (1.6.1)
    hoptoad_notifier (2.3.11)
      activesupport
      builder
    hpricot (0.8.2)
    json (1.4.6)
    multi_json (0.0.4)
    mysql (2.8.1)
    net-scp (1.0.4)
      net-ssh (>= 1.99.1)
    net-sftp (2.0.5)
      net-ssh (>= 2.0.9)
    net-ssh (2.0.23)
    net-ssh-gateway (1.0.1)
      net-ssh (>= 1.99.1)
    orderedhash (0.0.6)
    panztel-actionwebservice (2.3.5)
      actionpack (= 2.3.5)
      activerecord (= 2.3.5)
    rack (1.0.1)
    rails (2.3.5)
      actionmailer (= 2.3.5)
      actionpack (= 2.3.5)
      activerecord (= 2.3.5)
      activeresource (= 2.3.5)
      activesupport (= 2.3.5)
      rake (>= 0.8.3)
    rake (0.8.7)
    rmagick (2.13.1)
    timed_fragment_cache (0.0.1)
    truncate_html (0.4.0)
    warden (1.0.1)
      rack (>= 1.0.0)
    will_paginate (2.3.15)

PLATFORMS
  ruby

DEPENDENCIES
  bullet
  capistrano-ext
  geo_ip!
  hoptoad_notifier (~> 2.3.0)
  hpricot (~> 0.8.2)
  json
  mysql
  oauth2!
  orderedhash
  panztel-actionwebservice (>= 2.3.5)
  rails (~> 2.3.0)
  rails_warden!
  rmagick
  timed_fragment_cache
  truncate_html
  warden
  warden_oauth!
  will_paginate (~> 2.3.12)
