GIT
  remote: git://github.com/jeroenj/geo_ip.git
  revision: 93e2946073fa40d1c38d3326869888b5542f35e6
  specs:
    geo_ip (0.3.0)
      json (~> 1.4.6)

GIT
  remote: git://github.com/mrs/rails_warden.git
  revision: d224a5f39ad1ffe9a29e4bfae62c269bada2e728
  specs:
    rails_warden (0.5.2)
      warden

GIT
  remote: git://github.com/mrs/warden_oauth.git
  revision: b5326284833ff0d7b6e07d48714a6e148659afbe
  branch: oauth2
  specs:
    warden_oauth (0.2.0)
      oauth2
      warden (>= 0.8.1)

GIT
  remote: git://github.com/redstorm/oauth2.git
  revision: bdd30ea98405405924a674a66a58426747105700
  specs:
    oauth2 (0.0.10)
      faraday (~> 0.4.1)
      multi_json (>= 0.0.4)

GEM
  remote: http://rubygems.org/
  specs:
    aaronh-chronic (0.3.9)
    actionmailer (2.3.11)
      actionpack (= 2.3.11)
    actionpack (2.3.11)
      activesupport (= 2.3.11)
      rack (~> 1.1.0)
    actionwebservice (0.6.0)
      actionpack (>= 1.5.1)
      activerecord (>= 1.8.0)
      activesupport (>= 1.0.1)
    activerecord (2.3.11)
      activesupport (= 2.3.11)
    activeresource (2.3.11)
      activesupport (= 2.3.11)
    activesupport (2.3.11)
    addressable (2.2.4)
    after_commit (1.0.8)
      activerecord (< 3.0.0)
    babosa (0.2.2)
    blankslate (2.1.2.4)
    builder (3.0.0)
    bullet (2.0.1)
      uniform_notifier (~> 1.0.0)
    capistrano (2.5.20)
      highline
      highline
      net-scp (>= 1.0.0)
      net-scp
      net-sftp
      net-sftp (>= 2.0.0)
      net-ssh (>= 2.0.14)
      net-ssh
      net-ssh-gateway
      net-ssh-gateway (>= 1.0.0)
    capistrano-ext (1.2.1)
      capistrano (>= 1.0.0)
    db-charmer (1.6.16)
      blankslate
      rails (~> 2.2)
    faraday (0.4.6)
      addressable (>= 2.1.1)
      rack (>= 1.0.1)
    friendly_id (3.2.1)
      babosa (~> 0.2.1)
    highline (1.6.1)
    hoptoad_notifier (2.4.7)
      activesupport
      builder
    hpricot (0.8.4)
    i18n (0.5.0)
    json (1.4.6)
    multi_json (0.0.5)
    mysql (2.8.1)
    net-scp (1.0.4)
      net-ssh (>= 1.99.1)
    net-sftp (2.0.5)
      net-ssh (>= 2.0.9)
    net-ssh (2.1.3)
    net-ssh-gateway (1.0.1)
      net-ssh (>= 1.99.1)
    orderedhash (0.0.6)
    rack (1.1.2)
    rails (2.3.11)
      actionmailer (= 2.3.11)
      actionpack (= 2.3.11)
      activerecord (= 2.3.11)
      activeresource (= 2.3.11)
      activesupport (= 2.3.11)
      rake (>= 0.8.3)
    rake (0.8.7)
    riddle (1.2.2)
    rmagick (2.13.1)
    thinking-sphinx (1.4.3)
      activerecord (< 3.0.0, >= 1.15.6)
      after_commit (>= 1.0.7)
      riddle (>= 1.2.2)
    timed_fragment_cache (0.0.1)
    truncate_html (0.5.0)
    uniform_notifier (1.0.1)
    warden (1.0.3)
      rack (>= 1.0.0)
    whenever (0.6.6)
      aaronh-chronic (>= 0.3.9)
      activesupport (>= 2.3.4)
    will_paginate (2.3.15)

PLATFORMS
  ruby

DEPENDENCIES
  actionwebservice
  bullet
  capistrano-ext
  db-charmer
  friendly_id (~> 3.2.1)
  geo_ip!
  hoptoad_notifier (~> 2.4.0)
  hpricot (~> 0.8.2)
  i18n (= 0.5.0)
  json
  mysql
  oauth2!
  orderedhash
  rails (~> 2.3.11)
  rails_warden!
  rmagick
  thinking-sphinx
  timed_fragment_cache
  truncate_html
  warden
  warden_oauth!
  whenever
  will_paginate (~> 2.3.12)
