GIT
  remote: git://github.com/jeroenj/geo_ip.git
  revision: 533731f06462055d6673517ff7a024cf497ba2f1
  specs:
    geo_ip (0.4.0)
      json (~> 1.4)
      rest-client (~> 1.6.1)

GIT
  remote: git://github.com/mrs/rails_warden.git
  revision: d224a5f39ad1ffe9a29e4bfae62c269bada2e728
  specs:
    rails_warden (0.5.2)
      warden

GIT
  remote: git://github.com/mrs/warden_oauth.git
  revision: b5326284833ff0d7b6e07d48714a6e148659afbe
  branch: oauth2
  specs:
    warden_oauth (0.2.0)
      oauth2
      warden (>= 0.8.1)

GIT
  remote: git://github.com/redstorm/oauth2.git
  revision: bdd30ea98405405924a674a66a58426747105700
  specs:
    oauth2 (0.0.10)
      faraday (~> 0.4.1)
      multi_json (>= 0.0.4)

GEM
  remote: http://rubygems.org/
  specs:
    aaronh-chronic (0.3.9)
    actionmailer (2.3.11)
      actionpack (= 2.3.11)
    actionpack (2.3.11)
      activesupport (= 2.3.11)
      rack (~> 1.1.0)
    activerecord (2.3.11)
      activesupport (= 2.3.11)
    activeresource (2.3.11)
      activesupport (= 2.3.11)
    activesupport (2.3.11)
    addressable (2.2.6)
    after_commit (1.0.8)
      activerecord (< 3.0.0)
    babosa (0.3.4)
    blankslate (2.1.2.4)
    builder (3.0.0)
    bullet (2.0.1)
      uniform_notifier (~> 1.0.0)
    capistrano (2.6.0)
      highline
      net-scp (>= 1.0.0)
      net-scp (>= 1.0.0)
      net-scp
      net-sftp (>= 2.0.0)
      net-sftp
      net-ssh (>= 2.0.14)
      net-ssh-gateway (>= 1.1.0)
    capistrano-ext (1.2.1)
      capistrano (>= 1.0.0)
    db-charmer (1.6.19)
      blankslate
      rails (~> 2.2)
    faraday (0.4.6)
      addressable (>= 2.1.1)
      rack (>= 1.0.1)
    friendly_id (3.2.1.1)
      babosa (~> 0.3.0)
    highline (1.6.2)
    hoptoad_notifier (2.4.10)
      activesupport
      builder
    hpricot (0.8.4)
    i18n (0.5.0)
    json (1.5.1)
    mechanize (2.0.1)
      net-http-digest_auth (~> 1.1, >= 1.1.1)
      net-http-persistent (~> 1.8)
      nokogiri (~> 1.4)
      webrobots (~> 0.0, >= 0.0.9)
    mime-types (1.16)
    multi_json (1.0.3)
    mysql2 (0.2.13)
    net-http-digest_auth (1.1.1)
    net-http-persistent (1.9)
    net-scp (1.0.4)
      net-ssh (>= 1.99.1)
    net-sftp (2.0.5)
      net-ssh (>= 2.0.9)
    net-ssh (2.1.4)
    net-ssh-gateway (1.1.0)
      net-ssh (>= 1.99.1)
    nokogiri (1.5.0)
    orderedhash (0.0.6)
    rack (1.1.2)
    rails (2.3.11)
      actionmailer (= 2.3.11)
      actionpack (= 2.3.11)
      activerecord (= 2.3.11)
      activeresource (= 2.3.11)
      activesupport (= 2.3.11)
      rake (>= 0.8.3)
    rake (0.9.2)
    rest-client (1.6.1)
      mime-types (>= 1.16)
    riddle (1.3.3)
    rmagick (2.13.1)
    routing-filter (0.2.3)
      actionpack
    thinking-sphinx (1.4.6)
      activerecord (< 3.0.0, >= 1.15.6)
      after_commit (>= 1.0.7)
      riddle (>= 1.3.3)
    timed_fragment_cache (0.0.1)
    truncate_html (0.5.1)
    uniform_notifier (1.0.1)
    warden (1.0.4)
      rack (>= 1.0)
    webrobots (0.0.12)
      nokogiri (>= 1.4.4)
    whenever (0.6.8)
      aaronh-chronic (>= 0.3.9)
      activesupport (>= 2.3.4)
    will_paginate (2.3.15)

PLATFORMS
  ruby

DEPENDENCIES
  bullet
  capistrano-ext
  db-charmer
  friendly_id (~> 3.2.1)
  geo_ip!
  hoptoad_notifier (~> 2.4.0)
  hpricot (~> 0.8.2)
  i18n (= 0.5.0)
  json
  mechanize
  mysql2 (~> 0.2.13)
  oauth2!
  orderedhash
  rails (~> 2.3.11)
  rails_warden!
  rmagick
  routing-filter
  thinking-sphinx
  timed_fragment_cache
  truncate_html
  warden
  warden_oauth!
  whenever
  will_paginate (~> 2.3.12)
